PATH
  remote: .
  specs:
    handy_regexps (0.0.1)

GEM
  remote: https://rubygems.org/
  specs:
    ffaker (1.16.1)

PLATFORMS
  ruby

DEPENDENCIES
  ffaker
  handy_regexps!
