PATH
  remote: .
  specs:
    handy_regexps (0.0.2)

GEM
  remote: https://rubygems.org/
  specs:
    ffaker (1.22.1)
    rake (10.1.0)

PLATFORMS
  ruby

DEPENDENCIES
  bundler (~> 1.3)
  ffaker
  handy_regexps!
  rake
